GEM
  remote: http://rubygems.org/
  remote: http://download.bioinformatics.northwestern.edu/gems/
  specs:
    Saikuro (1.1.0)
    ZenTest (4.4.0)
    activerecord (2.3.9)
      activesupport (= 2.3.9)
    activerecord-jdbc-adapter (0.9.7-java)
    activerecord-jdbcsqlite3-adapter (0.9.7-java)
      activerecord-jdbc-adapter (= 0.9.7)
      jdbc-sqlite3 (>= 3.6.3.054)
    activerecord-oracle_enhanced-adapter (1.3.1)
    activesupport (2.3.9)
    bcdatabase (1.0.2)
      activesupport (~> 2.0)
      highline (~> 1.6)
    bcoracle (1.0.1)
      bcdatabase (>= 1.0.0)
      rake (>= 0.8.0)
      session (>= 2.4.0)
    bouncy-castle-java (1.5.0145.2)
    builder (2.1.2)
    ci_reporter (1.6.2)
      builder (>= 2.1.2)
    composite_primary_keys (2.3.5.1)
      activerecord (>= 2.3.5)
    cucumber (0.6.4)
      builder (>= 2.1.2)
      diff-lcs (>= 1.1.2)
      json_pure (>= 1.2.0)
      polyglot (>= 0.2.9)
      term-ansicolor (>= 1.0.4)
      treetop (>= 1.4.2)
    database_cleaner (0.5.2)
    diff-lcs (1.1.2)
    fattr (2.1.0)
    ffi (0.6.3-java)
    ffi-ncurses (0.3.3)
      ffi (>= 0.6.3)
    fssm (0.1.4)
    gettext (2.1.0)
      locale (>= 2.0.5)
    highline (1.6.1)
    hoe (2.6.2)
      rake (>= 0.8.7)
      rubyforge (>= 2.0.4)
    jdbc-sqlite3 (3.6.3.054)
    jruby-openssl (0.7.1)
      bouncy-castle-java
    json_pure (1.4.6)
    locale (2.0.5)
    markaby (0.5)
      builder (>= 2.0.0)
    maruku (0.6.0)
      syntax (>= 1.0.0)
    mechanize (1.0.0)
      nokogiri (>= 1.2.1)
    mime-types (1.16)
    net-scp (1.0.3)
      net-ssh (>= 1.99.1)
    net-ssh (2.0.23)
    nokogiri (1.4.3.1)
    nokogiri (1.4.3.1-java)
      weakling (>= 0.0.3)
    picnic (0.8.1.201005141550)
      activesupport
      markaby
      rack
    polyglot (0.3.1)
    rack (1.2.1)
    rack-test (0.5.4)
      rack (>= 1.0)
    rake (0.8.7)
    rcov (0.9.8)
    rcov (0.9.8-java)
    rdiscount (1.6.5)
    rest-client (1.4.2)
      mime-types (>= 1.16)
    rspec (1.3.0)
    ruby-net-ldap (0.0.4)
    ruby-oci8 (2.0.4)
    rubycas-client (2.1.0)
      activesupport
    rubycas-server (0.7.999999.20100202)
      activerecord
      activesupport
      gettext
      picnic (>= 0.8.1.20100201)
    rubyforge (2.0.4)
      json_pure (>= 1.1.7)
    rubytree (0.7.0)
    saikuro_treemap (0.1.2)
      Saikuro
      json_pure
    schema_qualified_tables (1.0.0)
      activerecord (>= 2.3)
    session (3.1.0)
      fattr
    sqlite3-ruby (1.2.5)
    syntax (1.0.0)
    term-ansicolor (1.0.5)
    test-unit (1.2.3)
      hoe (>= 1.5.1)
    treetop (1.4.8)
      polyglot (>= 0.3.1)
    unicode_utils (1.0.0)
    warden (0.10.7)
      rack (>= 1.0.0)
    weakling (0.0.4-java)
    yard (0.5.8)

PLATFORMS
  java
  ruby

DEPENDENCIES
  ZenTest
  activerecord (~> 2.3.5)
  activerecord-jdbcsqlite3-adapter
  activerecord-oracle_enhanced-adapter (~> 1.2)
  activesupport (~> 2.3.5)
  bcdatabase (~> 1.0)
  bcoracle (~> 1.0)
  ci_reporter (~> 1.6)
  composite_primary_keys (~> 2.3.5)
  cucumber (~> 0.6.0)
  database_cleaner (~> 0.5)
  ffi-ncurses
  fssm
  jdbc-sqlite3
  jruby-openssl
  markaby (= 0.5)
  maruku
  mechanize (~> 1.0)
  net-scp (~> 1.0)
  net-ssh (~> 2.0)
  nokogiri
  rack-test (~> 0.5)
  rake (>= 0.8.7)
  rcov (~> 0.9)
  rdiscount
  rest-client (~> 1.4.0)
  rspec (~> 1.3)
  ruby-net-ldap (>= 0.0.4)
  ruby-oci8 (~> 2.0)
  rubycas-client (~> 2.1.0)
  rubycas-server
  rubytree (~> 0.7.0)
  saikuro_treemap (= 0.1.2)
  schema_qualified_tables (~> 1.0)
  sqlite3-ruby (~> 1.2.0)
  test-unit (= 1.2.3)
  unicode_utils
  warden (~> 0.10.3)
  yard (~> 0.5.8)
