PATH
  remote: ../..
  specs:
    bcsec (2.1.1.pre)
      activerecord (>= 2.3.0)
      activerecord-oracle_enhanced-adapter (~> 1.3.0)
      bcaudit (~> 0.1)
      bcdatabase (~> 1.0)
      castanet (~> 1.0.0)
      composite_primary_keys
      net-ldap (~> 0.1.1)
      rubytree (~> 0.7.0)
      schema_qualified_tables (~> 1.0)
      warden (~> 1.0)

GEM
  remote: http://rubygems.org/
  remote: http://download.bioinformatics.northwestern.edu/gems/
  specs:
    activerecord (2.3.11)
      activesupport (= 2.3.11)
    activerecord-oracle_enhanced-adapter (1.3.2)
    activesupport (2.3.11)
    bcaudit (0.1.0)
      activerecord (>= 2.3.2)
      rack (~> 1.1)
    bcdatabase (1.0.5)
      activesupport (>= 2.0)
      highline (~> 1.5)
      i18n
    builder (3.0.0)
    castanet (1.0.0)
    composite_primary_keys (2.3.5.1)
      activerecord (>= 2.3.5)
    gettext (2.1.0)
      locale (>= 2.0.5)
    haml (3.0.25)
    highline (1.6.1)
    i18n (0.5.0)
    json (1.5.1)
    locale (2.0.5)
    markaby (0.5)
      builder (>= 2.0.0)
    mime-types (1.16)
    net-ldap (0.1.1)
    picnic (0.8.1.201005141550)
      activesupport
      markaby
      rack
    rack (1.2.1)
    rest-client (1.6.1)
      mime-types (>= 1.16)
    rubycas-server (0.7.999999.20100202)
      activerecord
      activesupport
      gettext
      picnic (>= 0.8.1.20100201)
    rubytree (0.7.0)
    schema_qualified_tables (1.0.0)
      activerecord (>= 2.3)
    sinatra (1.1.3)
      rack (~> 1.1)
      tilt (>= 1.2.2, < 2.0)
    sqlite3 (1.3.3)
    sqlite3-ruby (1.3.3)
      sqlite3 (>= 1.3.3)
    tilt (1.2.2)
    warden (1.0.3)
      rack (>= 1.0.0)

PLATFORMS
  ruby

DEPENDENCIES
  bcsec!
  haml
  json
  markaby (= 0.5)
  rack (~> 1.2.1)
  rest-client (~> 1)
  rubycas-server
  sinatra
  sqlite3-ruby
