PATH
  remote: /Users/davidyip/Projects/bcsec
  specs:
    bcsec (2.0.4.pre)
      activerecord (~> 2.3.5)
      activesupport (~> 2.3.5)
      bcdatabase (~> 1.0)
      composite_primary_keys (~> 2.3.5)
      ruby-net-ldap (>= 0.0.4)
      rubycas-client (~> 2.1.0)
      rubytree (~> 0.7.0)
      schema_qualified_tables (~> 1.0)
      warden (~> 0.10.3)

GEM
  remote: http://rubygems.org/
  specs:
    activerecord (2.3.10)
      activesupport (= 2.3.10)
    activesupport (2.3.10)
    bcdatabase (1.0.2)
      activesupport (~> 2.0)
      highline (~> 1.6)
    builder (2.1.2)
    composite_primary_keys (2.3.5.1)
      activerecord (>= 2.3.5)
    gettext (2.1.0)
      locale (>= 2.0.5)
    haml (3.0.22)
    highline (1.6.1)
    json (1.4.6)
    locale (2.0.5)
    markaby (0.5)
      builder (>= 2.0.0)
    mime-types (1.16)
    picnic (0.8.1.201005141550)
      activesupport
      markaby
      rack
    rack (1.2.1)
    rest-client (1.6.1)
      mime-types (>= 1.16)
    ruby-net-ldap (0.0.4)
    rubycas-client (2.1.0)
      activesupport
    rubycas-server (0.7.999999.20100202)
      activerecord
      activesupport
      gettext
      picnic (>= 0.8.1.20100201)
    rubytree (0.7.0)
    schema_qualified_tables (1.0.0)
      activerecord (>= 2.3)
    sinatra (1.1.0)
      rack (~> 1.1)
      tilt (~> 1.1)
    sqlite3-ruby (1.2.5)
    tilt (1.1)
    warden (0.10.7)
      rack (>= 1.0.0)

PLATFORMS
  ruby

DEPENDENCIES
  activerecord (~> 2.3.5)
  activesupport (~> 2.3.5)
  bcdatabase (~> 1.0)
  bcsec!
  composite_primary_keys (~> 2.3.5)
  haml
  json
  markaby (= 0.5)
  rest-client (~> 1)
  ruby-net-ldap (>= 0.0.4)
  rubycas-client (~> 2.1.0)
  rubycas-server
  rubytree (~> 0.7.0)
  schema_qualified_tables (~> 1.0)
  sinatra
  sqlite3-ruby
  warden (~> 0.10.3)
